GEM
  remote: https://rubygems.org/
  specs:
    activesupport (4.2.1)
      i18n (~> 0.7)
      json (~> 1.7, >= 1.7.7)
      minitest (~> 5.1)
      thread_safe (~> 0.3, >= 0.3.4)
      tzinfo (~> 1.1)
    clamp (0.6.5)
    colored (1.2)
    i18n (0.7.0)
    json (1.8.2)
    mini_portile (0.6.2)
    minitest (5.6.1)
    nokogiri (1.6.6.2)
      mini_portile (~> 0.6.0)
    plist (3.1.0)
    rake (10.4.2)
    slather (1.7.1)
      clamp (~> 0.6)
      nokogiri (~> 1.6.3)
      xcodeproj (~> 0.24.1)
    thread_safe (0.3.5)
    tzinfo (1.2.2)
      thread_safe (~> 0.1)
    xcodeproj (0.24.1)
      activesupport (>= 3)
      colored (~> 1.2)
    xcpretty (0.1.10)

PLATFORMS
  ruby

DEPENDENCIES
  plist
  rake
  slather
  xcpretty

BUNDLED WITH
   1.10.1
